PATH
  remote: .
  specs:
    rredis (0.1.0)

GEM
  remote: https://rubygems.org/
  specs:
    minitest (5.10.3)
    rake (10.5.0)

PLATFORMS
  ruby

DEPENDENCIES
  bundler (~> 1.16.a)
  minitest (~> 5.0)
  rake (~> 10.0)
  rredis!

BUNDLED WITH
   1.16.0.pre.2
